PATH
  remote: ../../
  specs:
    pact (1.1.0.rc2)
      awesome_print (~> 1.1)
      find_a_port (~> 1.0.1)
      json
      rack-test (~> 0.6.2)
      randexp (~> 0.1.7)
      rspec (~> 2.12)
      term-ansicolor (~> 1.0)
      thor
      webrick

GEM
  remote: https://rubygems.org/
  specs:
    awesome_print (1.2.0)
    coderay (1.0.9)
    diff-lcs (1.2.4)
    find_a_port (1.0.1)
    json (1.6.8)
    method_source (0.8.2)
    pry (0.9.12.2)
      coderay (~> 1.0.5)
      method_source (~> 0.8)
      slop (~> 3.4)
    rack (1.5.2)
    rack-protection (1.5.1)
      rack
    rack-test (0.6.2)
      rack (>= 1.0)
    rake (10.1.0)
    randexp (0.1.7)
    rspec (2.14.1)
      rspec-core (~> 2.14.0)
      rspec-expectations (~> 2.14.0)
      rspec-mocks (~> 2.14.0)
    rspec-core (2.14.5)
    rspec-expectations (2.14.2)
      diff-lcs (>= 1.1.3, < 2.0)
    rspec-mocks (2.14.3)
    sequel (4.5.0)
    sinatra (1.4.4)
      rack (~> 1.4)
      rack-protection (~> 1.4)
      tilt (~> 1.3, >= 1.3.4)
    slop (3.4.6)
    sqlite3 (1.3.8)
    term-ansicolor (1.3.0)
      tins (~> 1.0)
    thor (0.19.1)
    tilt (1.4.1)
    tins (1.1.0)
    webrick (1.3.1)

PLATFORMS
  ruby

DEPENDENCIES
  json (~> 1.6)
  pact!
  pry
  rack (~> 1.5.2)
  rake
  rspec
  sequel
  sinatra
  sqlite3
